GEM
  remote: https://rubygems.org/
  specs:
    activesupport (7.1.4)
      base64
      bigdecimal
      concurrent-ruby (~> 1.0, >= 1.0.2)
      connection_pool (>= 2.2.5)
      drb
      i18n (>= 1.6, < 2)
      minitest (>= 5.1)
      mutex_m
      tzinfo (~> 2.0)
    arrayfields (4.9.2)
    ast (2.4.2)
    base64 (0.2.0)
    bigdecimal (3.1.8)
    chronic (0.10.2)
    concurrent-ruby (1.3.4)
    connection_pool (2.4.1)
    drb (2.2.1)
    erubi (1.13.0)
    fattr (2.4.0)
    ffi (1.17.0)
    ffi (1.17.0-aarch64-linux-gnu)
    ffi (1.17.0-aarch64-linux-musl)
    ffi (1.17.0-arm-linux-gnu)
    ffi (1.17.0-arm-linux-musl)
    ffi (1.17.0-arm64-darwin)
    ffi (1.17.0-x86-linux-gnu)
    ffi (1.17.0-x86-linux-musl)
    ffi (1.17.0-x86_64-darwin)
    ffi (1.17.0-x86_64-linux-gnu)
    ffi (1.17.0-x86_64-linux-musl)
    i18n (1.14.6)
      concurrent-ruby (~> 1.0)
    json (2.7.2)
    language_server-protocol (3.17.0.3)
    levenshtein-ffi (1.1.0)
      ffi (~> 1.9)
    listen (3.8.0)
      rb-fsevent (~> 0.10, >= 0.10.3)
      rb-inotify (~> 0.9, >= 0.9.10)
    main (6.3.0)
      arrayfields (~> 4.9, >= 4.9.2)
      chronic (~> 0.10, >= 0.10.2)
      fattr (~> 2.4, >= 2.4.0)
      map (~> 6.6, >= 6.6.0)
    map (6.6.0)
    minitest (5.25.1)
    multi_json (1.15.0)
    mutex_m (0.2.0)
    netrc (0.11.0)
    parallel (1.26.3)
    parser (3.3.5.0)
      ast (~> 2.4.1)
      racc
    power_assert (2.0.3)
    prism (0.27.0)
    racc (1.8.1)
    rainbow (3.1.1)
    rake (13.2.1)
    rb-fsevent (0.11.2)
    rb-inotify (0.11.1)
      ffi (~> 1.0)
    rbi (0.1.12)
      prism (>= 0.18.0, < 0.28)
      sorbet-runtime (>= 0.5.9204)
    regexp_parser (2.9.2)
    rego (3.2.1)
      listen (~> 3.8.0)
      main (~> 6.3.0)
      map (~> 6.6.0)
    rgeo (3.0.1)
    rgeo-geojson (2.2.0)
      multi_json (~> 1.15)
      rgeo (>= 1.0.0)
    rgeo-proj4 (4.0.0)
      rgeo (~> 3.0.0)
    rubocop (1.66.1)
      json (~> 2.3)
      language_server-protocol (>= 3.17.0)
      parallel (~> 1.10)
      parser (>= 3.3.0.2)
      rainbow (>= 2.2.2, < 4.0)
      regexp_parser (>= 2.4, < 3.0)
      rubocop-ast (>= 1.32.2, < 2.0)
      ruby-progressbar (~> 1.7)
      unicode-display_width (>= 2.4.0, < 3.0)
    rubocop-ast (1.32.3)
      parser (>= 3.3.1.0)
    ruby-lsp (0.16.6)
      language_server-protocol (~> 3.17.0)
      prism (>= 0.23.0, < 0.28)
      sorbet-runtime (>= 0.5.10782)
    ruby-progressbar (1.13.0)
    sorbet (0.5.11582)
      sorbet-static (= 0.5.11582)
    sorbet-runtime (0.5.11582)
    sorbet-static (0.5.11582-aarch64-linux)
    sorbet-static (0.5.11582-universal-darwin)
    sorbet-static (0.5.11582-x86_64-linux)
    sorbet-static-and-runtime (0.5.11582)
      sorbet (= 0.5.11582)
      sorbet-runtime (= 0.5.11582)
    spoom (1.3.2)
      erubi (>= 1.10.0)
      prism (>= 0.19.0)
      sorbet-static-and-runtime (>= 0.5.10187)
      thor (>= 0.19.2)
    tapioca (0.13.3)
      bundler (>= 2.2.25)
      netrc (>= 0.11.0)
      parallel (>= 1.21.0)
      rbi (>= 0.1.4, < 0.2)
      sorbet-static-and-runtime (>= 0.5.11087)
      spoom (>= 1.2.0)
      thor (>= 1.2.0)
      yard-sorbet
    test-unit (3.6.2)
      power_assert
    thor (1.3.2)
    tzinfo (2.0.6)
      concurrent-ruby (~> 1.0)
    unicode-display_width (2.6.0)
    yard (0.9.37)
    yard-sorbet (0.8.1)
      sorbet-runtime (>= 0.5)
      yard (>= 0.9)

PLATFORMS
  aarch64-linux-gnu
  aarch64-linux-musl
  arm-linux-gnu
  arm-linux-musl
  arm64-darwin
  ruby
  x86-linux-gnu
  x86-linux-musl
  x86_64-darwin
  x86_64-linux-gnu
  x86_64-linux-musl

DEPENDENCIES
  activesupport
  json
  levenshtein-ffi
  rake
  rego
  rgeo-geojson
  rgeo-proj4
  rubocop
  ruby-lsp
  sorbet
  sorbet-runtime
  tapioca
  test-unit

RUBY VERSION
   ruby 3.0.6p216

BUNDLED WITH
   2.5.11
